PATH
  remote: .
  specs:
    test-unit-runner-sarif (0.0.1)
      test-unit (~> 3)

GEM
  remote: https://rubygems.org/
  specs:
    power_assert (2.0.1)
    rake (13.0.6)
    test-unit (3.5.3)
      power_assert

PLATFORMS
  ruby

DEPENDENCIES
  bundler (~> 2)
  rake (~> 13)
  test-unit-runner-sarif!

BUNDLED WITH
   2.1.4
